GEM
  remote: https://rubygems.org/
  specs:
    rake (10.0.3)
    teacup (1.2.7)
      rake

PLATFORMS
  ruby

DEPENDENCIES
  teacup
